GIT
  remote: git://github.com/dblock/jammit.git
  revision: cea2b4e34213b547dd0480e33aa7bfbd04fde1e4
  specs:
    jammit (0.6.5)
      yui-compressor (>= 0.9.3)

GEM
  remote: http://rubygems.org/
  remote: http://rubygems.org/
  specs:
    POpen4 (0.1.4)
      Platform (>= 0.4.0)
      open4
    Platform (0.4.0)
    albino (1.3.3)
      posix-spawn (>= 0.3.6)
    classifier (1.3.3)
      fast-stemmer (>= 1.0.0)
    directory_watcher (1.4.1)
    fast-stemmer (1.0.1)
    jekyll (0.11.2)
      albino (~> 1.3)
      classifier (~> 1.3)
      directory_watcher (~> 1.1)
      kramdown (~> 0.13)
      liquid (~> 2.3)
      maruku (~> 0.5)
    kramdown (0.13.5)
    liquid (2.3.0)
    maruku (0.6.0)
      syntax (>= 1.0.0)
    open4 (1.3.0)
    posix-spawn (0.3.6)
    rake (0.9.2.2)
    syntax (1.0.0)
    yui-compressor (0.9.6)
      POpen4 (>= 0.1.4)

PLATFORMS
  ruby

DEPENDENCIES
  jammit!
  jekyll
  rake
